GEM
  remote: https://rubygems.org/
  specs:
    cgi (0.3.6)
    erb (4.0.2)
      cgi (>= 0.3.3)
    nio4r (2.5.9)
    puma (6.3.0)
      nio4r (~> 2.0)
    rack (3.0.8)

PLATFORMS
  x86_64-linux

DEPENDENCIES
  erb (~> 4.0, >= 4.0.2)
  puma (~> 6.3)
  rack (~> 3.0.8)

BUNDLED WITH
   2.4.10
