GEM
  remote: https://rubygems.org/
  specs:
    nio4r (2.5.9)
    puma (6.3.0)
      nio4r (~> 2.0)

PLATFORMS
  x86_64-linux

DEPENDENCIES
  puma (~> 6.3)

BUNDLED WITH
   2.4.10
